PATH
  remote: .
  specs:
    noveku (0.4)
      gomon

GEM
  remote: http://rubygems.org/
  specs:
    activesupport (3.2.11)
      i18n (~> 0.6)
      multi_json (~> 1.0)
    gomon (0.0.4)
      activesupport
    i18n (0.6.1)
    multi_json (1.5.0)

PLATFORMS
  ruby

DEPENDENCIES
  noveku!
